GEM
  remote: https://www.rubygems.org/
  specs:
    builder (3.2.2)
    jwt (1.0.0)
    mime-types (2.4.3)
    multi_json (1.10.1)
    mustache (0.99.8)
    netrc (0.10.2)
    pg (0.18.0)
    rack (1.6.0)
    rack-protection (1.5.3)
      rack
    redcarpet (3.2.2)
    rest-client (1.7.2)
      mime-types (>= 1.16, < 3.0)
      netrc (~> 0.7)
    sendgrid-ruby (0.0.3)
      rest-client
      smtpapi
    sinatra (1.4.5)
      rack (~> 1.4)
      rack-protection (~> 1.4)
      tilt (~> 1.3, >= 1.3.4)
    smtpapi (0.0.10)
    tilt (1.4.1)
    twilio-ruby (3.14.2)
      builder (>= 2.1.2)
      jwt (~> 1.0.0)
      multi_json (>= 1.3.0)
    will_paginate (3.0.7)

PLATFORMS
  ruby

DEPENDENCIES
  mustache
  pg
  redcarpet
  sendgrid-ruby
  sinatra
  twilio-ruby
  will_paginate
